PATH
  remote: .
  specs:
    ember-components (0.0.2)
      ember-handlebars-template (>= 0.1.1, < 1.0)
      ember-rails (~> 0.21)
      railties (~> 5.2)

GEM
  remote: https://rubygems.org/
  specs:
    actionpack (5.2.4.5)
      actionview (= 5.2.4.5)
      activesupport (= 5.2.4.5)
      rack (~> 2.0, >= 2.0.8)
      rack-test (>= 0.6.3)
      rails-dom-testing (~> 2.0)
      rails-html-sanitizer (~> 1.0, >= 1.0.2)
    actionview (5.2.4.5)
      activesupport (= 5.2.4.5)
      builder (~> 3.1)
      erubi (~> 1.4)
      rails-dom-testing (~> 2.0)
      rails-html-sanitizer (~> 1.0, >= 1.0.3)
    active-model-adapter-source (2.1.1)
      ember-data-source (>= 1.13, < 3.0)
    active_model_serializers (0.10.12)
      actionpack (>= 4.1, < 6.2)
      activemodel (>= 4.1, < 6.2)
      case_transform (>= 0.2)
      jsonapi-renderer (>= 0.1.1.beta1, < 0.3)
    activemodel (5.2.4.5)
      activesupport (= 5.2.4.5)
    activesupport (5.2.4.5)
      concurrent-ruby (~> 1.0, >= 1.0.2)
      i18n (>= 0.7, < 2)
      minitest (~> 5.1)
      tzinfo (~> 1.1)
    babel-source (5.8.35)
    babel-transpiler (0.7.0)
      babel-source (>= 4.0, < 6)
      execjs (~> 2.0)
    barber (0.12.2)
      ember-source (>= 1.0, < 3.1)
      execjs (>= 1.2, < 3)
    builder (3.2.4)
    case_transform (0.2)
      activesupport
    concurrent-ruby (1.1.8)
    crass (1.0.6)
    diff-lcs (1.4.4)
    ember-cli-assets (0.0.37)
    ember-data-source (2.18.3)
      ember-source (>= 2, < 3.0)
    ember-es6_template (0.6.0)
      babel-transpiler (>= 0.6.0, < 0.8)
      sprockets (>= 2.2, < 4.1)
    ember-handlebars-template (0.8.0)
      barber (>= 0.11.0)
      sprockets (>= 3.3, < 4.1)
    ember-rails (0.21.0)
      active-model-adapter-source (>= 1.13.0)
      active_model_serializers
      ember-cli-assets (~> 0.0.1)
      ember-data-source (>= 1.13.0)
      ember-es6_template (>= 0.4.0, < 0.7)
      ember-handlebars-template (>= 0.1.1, < 1.0)
      ember-source (>= 1.8.0)
      jquery-rails (>= 1.0.17)
      railties (>= 4.2)
    ember-source (2.18.2)
    erubi (1.10.0)
    execjs (2.7.0)
    i18n (1.8.9)
      concurrent-ruby (~> 1.0)
    jquery-rails (4.4.0)
      rails-dom-testing (>= 1, < 3)
      railties (>= 4.2.0)
      thor (>= 0.14, < 2.0)
    jsonapi-renderer (0.2.2)
    loofah (2.9.0)
      crass (~> 1.0.2)
      nokogiri (>= 1.5.9)
    method_source (1.0.0)
    mini_portile2 (2.5.0)
    minitest (5.14.4)
    nokogiri (1.11.2)
      mini_portile2 (~> 2.5.0)
      racc (~> 1.4)
    racc (1.5.2)
    rack (2.2.3)
    rack-test (1.1.0)
      rack (>= 1.0, < 3)
    rails-dom-testing (2.0.3)
      activesupport (>= 4.2.0)
      nokogiri (>= 1.6)
    rails-html-sanitizer (1.3.0)
      loofah (~> 2.3)
    railties (5.2.4.5)
      actionpack (= 5.2.4.5)
      activesupport (= 5.2.4.5)
      method_source
      rake (>= 0.8.7)
      thor (>= 0.19.0, < 2.0)
    rake (13.0.3)
    rspec (3.10.0)
      rspec-core (~> 3.10.0)
      rspec-expectations (~> 3.10.0)
      rspec-mocks (~> 3.10.0)
    rspec-core (3.10.1)
      rspec-support (~> 3.10.0)
    rspec-expectations (3.10.1)
      diff-lcs (>= 1.2.0, < 2.0)
      rspec-support (~> 3.10.0)
    rspec-mocks (3.10.2)
      diff-lcs (>= 1.2.0, < 2.0)
      rspec-support (~> 3.10.0)
    rspec-support (3.10.2)
    sprockets (4.0.2)
      concurrent-ruby (~> 1.0)
      rack (> 1, < 3)
    thor (1.1.0)
    thread_safe (0.3.6)
    tzinfo (1.2.9)
      thread_safe (~> 0.1)

PLATFORMS
  ruby

DEPENDENCIES
  bundler (~> 1.13)
  ember-components!
  rspec (~> 3.0)

BUNDLED WITH
   1.17.2
